GEM
  remote: http://rubygems.org/
  specs:
    abstract (1.0.0)
    actionmailer (3.0.9)
      actionpack (= 3.0.9)
      mail (~> 2.2.19)
    actionpack (3.0.9)
      activemodel (= 3.0.9)
      activesupport (= 3.0.9)
      builder (~> 2.1.2)
      erubis (~> 2.6.6)
      i18n (~> 0.5.0)
      rack (~> 1.2.1)
      rack-mount (~> 0.6.14)
      rack-test (~> 0.5.7)
      tzinfo (~> 0.3.23)
    activemodel (3.0.9)
      activesupport (= 3.0.9)
      builder (~> 2.1.2)
      i18n (~> 0.5.0)
    activerecord (3.0.9)
      activemodel (= 3.0.9)
      activesupport (= 3.0.9)
      arel (~> 2.0.10)
      tzinfo (~> 0.3.23)
    activeresource (3.0.9)
      activemodel (= 3.0.9)
      activesupport (= 3.0.9)
    activesupport (3.0.9)
    ansi (1.3.0)
    arel (2.0.10)
    builder (2.1.2)
    capybara (1.1.1)
      mime-types (>= 1.16)
      nokogiri (>= 1.3.3)
      rack (>= 1.0.0)
      rack-test (>= 0.5.4)
      selenium-webdriver (~> 2.0)
      xpath (~> 0.1.4)
    childprocess (0.2.2)
      ffi (~> 1.0.6)
    erubis (2.6.6)
      abstract (>= 1.0.0)
    ffi (1.0.9-x86-mingw32)
    i18n (0.5.0)
    json_pure (1.6.0)
    mail (2.2.19)
      activesupport (>= 2.3.6)
      i18n (>= 0.4.0)
      mime-types (~> 1.16)
      treetop (~> 1.4.8)
    memory_test_fix (0.2.0)
    mime-types (1.16)
    nokogiri (1.5.0-x86-mingw32)
    polyglot (0.3.2)
    rack (1.2.4)
    rack-mount (0.6.14)
      rack (>= 1.0.0)
    rack-test (0.5.7)
      rack (>= 1.0)
    rails (3.0.9)
      actionmailer (= 3.0.9)
      actionpack (= 3.0.9)
      activerecord (= 3.0.9)
      activeresource (= 3.0.9)
      activesupport (= 3.0.9)
      bundler (~> 1.0)
      railties (= 3.0.9)
    railties (3.0.9)
      actionpack (= 3.0.9)
      activesupport (= 3.0.9)
      rake (>= 0.8.7)
      rdoc (~> 3.4)
      thor (~> 0.14.4)
    rake (0.9.2)
    rdoc (3.9.4)
    rubyzip (0.9.4)
    selenium-webdriver (2.6.0)
      childprocess (>= 0.2.1)
      ffi (>= 1.0.7)
      json_pure
      rubyzip
    sqlite3 (1.3.4-x86-mingw32)
    test-unit (2.4.0)
    thor (0.14.6)
    treetop (1.4.10)
      polyglot
      polyglot (>= 0.3.1)
    turn (0.8.2)
      ansi (>= 1.2.2)
    tzinfo (0.3.29)
    xpath (0.1.4)
      nokogiri (~> 1.3)

PLATFORMS
  x86-mingw32

DEPENDENCIES
  capybara
  memory_test_fix
  rails (= 3.0.9)
  sqlite3
  test-unit
  turn
